GEM
  remote: http://rubygems.org/
  specs:
    foreman (0.61.0)
      thor (>= 0.13.6)
    thor (0.15.3)

PLATFORMS
  ruby

DEPENDENCIES
  foreman
